GEM
  remote: https://rubygems.org/
  specs:
    negamax_ttt (0.0.0.1)

PLATFORMS
  ruby

DEPENDENCIES
  negamax_ttt (~> 0.0.0.1)
