PATH
  remote: ../negamax_ttt
  specs:
    negamax_ttt (0.0.1)

GEM
  specs:

PLATFORMS
  ruby

DEPENDENCIES
  negamax_ttt (~> 0)!
